GEM
  remote: https://rubygems.org/
  specs:
    hiredis (0.4.5)
    mustermann (1.0.3)
    rack (2.0.6)
    rack-protection (2.0.4)
      rack
    redis (2.2.2)
    sinatra (2.0.4)
      mustermann (~> 1.0)
      rack (~> 2.0)
      rack-protection (= 2.0.4)
      tilt (~> 2.0)
    tilt (2.0.8)

PLATFORMS
  ruby

DEPENDENCIES
  hiredis
  redis
  sinatra (>= 1.4.2)

BUNDLED WITH
   1.16.6
